GEM
  remote: https://rubygems.org/
  specs:
    byebug (11.1.3)
    kramdown (2.3.0)
      rexml
    mini_portile2 (2.4.0)
    nokogiri (1.10.10)
      mini_portile2 (~> 2.4.0)
    rexml (3.2.4)
    value_semantics (3.6.0)
    zeitwerk (2.4.0)

PLATFORMS
  ruby

DEPENDENCIES
  byebug
  kramdown
  nokogiri
  value_semantics
  zeitwerk

BUNDLED WITH
   2.1.4
