GIT
  remote: https://github.com/dry-rb/dry-configurable.git
  revision: f44ea91a79f232c591f1d75de857d05dc1f29748
  branch: master
  specs:
    dry-configurable (0.13.0)
      concurrent-ruby (~> 1.0)
      dry-core (~> 0.6)

GIT
  remote: https://github.com/hanami/controller.git
  revision: d59d5b6eda2fa5229f4291bb503c031abd31899e
  branch: main
  specs:
    hanami-controller (2.0.0.alpha2)
      dry-configurable (~> 0.12)
      hanami-utils (~> 2.0.alpha)
      rack (~> 2.0)

GEM
  remote: https://rubygems.org/
  specs:
    addressable (2.8.0)
      public_suffix (>= 2.0.2, < 5.0)
    ast (2.4.2)
    better_errors (2.9.1)
      coderay (>= 1.0.0)
      erubi (>= 1.0.0)
      rack (>= 0.9.0)
    binding_of_caller (1.0.0)
      debug_inspector (>= 0.0.1)
    byebug (11.1.3)
    coderay (1.1.3)
    concurrent-ruby (1.1.9)
    daemons (1.4.0)
    debug_inspector (1.1.0)
    dry-cli (0.7.0)
    dry-core (0.7.1)
      concurrent-ruby (~> 1.0)
    dry-inflector (0.2.1)
    dry-transformer (0.1.1)
    erubi (1.10.0)
    eventmachine (1.2.7)
    ffi (1.15.3)
    hanami-utils (2.0.0.alpha2)
      concurrent-ruby (~> 1.0)
      dry-transformer (~> 0.1)
    kramdown (2.3.1)
      rexml
    kramdown-parser-gfm (1.1.0)
      kramdown (~> 2.0)
    listen (3.6.0)
      rb-fsevent (~> 0.10, >= 0.10.3)
      rb-inotify (~> 0.9, >= 0.9.10)
    memery (1.4.1)
      ruby2_keywords (~> 0.0.2)
    method_source (1.0.0)
    mini_portile2 (2.5.3)
    nokogiri (1.11.7)
      mini_portile2 (~> 2.5.0)
      racc (~> 1.4)
    parallel (1.20.1)
    parser (3.0.2.0)
      ast (~> 2.4.1)
    pry (0.14.1)
      coderay (~> 1.1)
      method_source (~> 1.0)
    public_suffix (4.0.6)
    racc (1.5.2)
    rack (2.2.3)
    rainbow (3.0.0)
    rb-fsevent (0.11.0)
    rb-inotify (0.10.1)
      ffi (~> 1.0)
    regexp_parser (2.1.1)
    rerun (0.13.1)
      listen (~> 3.0)
    rexml (3.2.5)
    rouge (3.26.0)
    rubocop (1.18.4)
      parallel (~> 1.10)
      parser (>= 3.0.0.0)
      rainbow (>= 2.2.2, < 4.0)
      regexp_parser (>= 1.8, < 3.0)
      rexml
      rubocop-ast (>= 1.8.0, < 2.0)
      ruby-progressbar (~> 1.7)
      unicode-display_width (>= 1.4.0, < 3.0)
    rubocop-ast (1.8.0)
      parser (>= 3.0.1.1)
    ruby-progressbar (1.11.0)
    ruby2_keywords (0.0.5)
    test_bench (1.2.0.8)
      test_bench-fixture (>= 1.0.0.0)
    test_bench-fixture (1.4.0.0)
    thin (1.8.1)
      daemons (~> 1.0, >= 1.0.9)
      eventmachine (~> 1.0, >= 1.0.4)
      rack (>= 1, < 3)
    unicode-display_width (2.0.0)
    value_semantics (3.6.1)
    zeitwerk (2.4.2)

PLATFORMS
  ruby

DEPENDENCIES
  addressable
  better_errors
  binding_of_caller
  byebug
  dry-cli
  dry-configurable!
  dry-inflector
  hanami-controller!
  kramdown
  kramdown-parser-gfm
  memery
  nokogiri
  pry
  rerun
  rouge
  rubocop
  test_bench
  thin
  value_semantics
  zeitwerk

BUNDLED WITH
   2.1.4
