GIT
  remote: https://github.com/hanami/controller.git
  revision: 505c932db9c4236fa5eb9f8461d813a12e3fd968
  branch: main
  specs:
    hanami-controller (2.0.0.beta1)
      dry-configurable (~> 0.13, >= 0.13.0)
      hanami-utils (~> 2.0.beta)
      rack (~> 2.0)

GEM
  remote: https://rubygems.org/
  specs:
    addressable (2.8.0)
      public_suffix (>= 2.0.2, < 5.0)
    ast (2.4.2)
    better_errors (2.9.1)
      coderay (>= 1.0.0)
      erubi (>= 1.0.0)
      rack (>= 0.9.0)
    binding_of_caller (1.0.0)
      debug_inspector (>= 0.0.1)
    byebug (11.1.3)
    coderay (1.1.3)
    concurrent-ruby (1.1.10)
    daemons (1.4.1)
    debug_inspector (1.1.0)
    dry-cli (0.7.0)
    dry-configurable (0.15.0)
      concurrent-ruby (~> 1.0)
      dry-core (~> 0.6)
    dry-core (0.8.0)
      concurrent-ruby (~> 1.0)
    dry-inflector (0.3.0)
    dry-transformer (0.1.1)
    erubi (1.10.0)
    eventmachine (1.2.7)
    ffi (1.15.5)
    hanami-utils (2.0.0.beta1)
      concurrent-ruby (~> 1.0)
      dry-transformer (~> 0.1)
    json (2.6.2)
    kramdown (2.4.0)
      rexml
    kramdown-parser-gfm (1.1.0)
      kramdown (~> 2.0)
    listen (3.7.1)
      rb-fsevent (~> 0.10, >= 0.10.3)
      rb-inotify (~> 0.9, >= 0.9.10)
    memery (1.4.1)
      ruby2_keywords (~> 0.0.2)
    method_source (1.0.0)
    mini_portile2 (2.8.0)
    nokogiri (1.13.7)
      mini_portile2 (~> 2.8.0)
      racc (~> 1.4)
    parallel (1.22.1)
    parser (3.1.2.0)
      ast (~> 2.4.1)
    pry (0.14.1)
      coderay (~> 1.1)
      method_source (~> 1.0)
    public_suffix (4.0.7)
    racc (1.6.0)
    rack (2.2.4)
    rainbow (3.1.1)
    rb-fsevent (0.11.1)
    rb-inotify (0.10.1)
      ffi (~> 1.0)
    regexp_parser (2.5.0)
    rerun (0.13.1)
      listen (~> 3.0)
    rexml (3.2.5)
    rouge (3.29.0)
    rubocop (1.31.2)
      json (~> 2.3)
      parallel (~> 1.10)
      parser (>= 3.1.0.0)
      rainbow (>= 2.2.2, < 4.0)
      regexp_parser (>= 1.8, < 3.0)
      rexml (>= 3.2.5, < 4.0)
      rubocop-ast (>= 1.18.0, < 2.0)
      ruby-progressbar (~> 1.7)
      unicode-display_width (>= 1.4.0, < 3.0)
    rubocop-ast (1.19.1)
      parser (>= 3.1.1.0)
    ruby-progressbar (1.11.0)
    ruby2_keywords (0.0.5)
    test_bench (1.2.0.9)
      test_bench-fixture (>= 1.0.0.0)
    test_bench-fixture (1.4.0.2)
    thin (1.8.1)
      daemons (~> 1.0, >= 1.0.9)
      eventmachine (~> 1.0, >= 1.0.4)
      rack (>= 1, < 3)
    unicode-display_width (2.2.0)
    value_semantics (3.6.1)
    zeitwerk (2.6.0)

PLATFORMS
  ruby

DEPENDENCIES
  addressable
  better_errors
  binding_of_caller
  byebug
  dry-cli
  dry-inflector
  hanami-controller!
  kramdown
  kramdown-parser-gfm
  memery
  nokogiri
  pry
  rerun
  rouge
  rubocop
  test_bench
  thin
  value_semantics
  zeitwerk

BUNDLED WITH
   2.3.8
